GEM
  remote: https://rubygems.org/
  specs:
    haml (4.0.7)
      tilt
    json (1.8.3)
    line-bot-api (1.0.0)
    mysql2 (0.4.5-x64-mingw32)
    rack (1.6.4)
    rack-protection (1.5.3)
      rack
    rails_12factor (0.0.3)
      rails_serve_static_assets
      rails_stdout_logging
    rails_serve_static_assets (0.0.5)
    rails_stdout_logging (0.0.5)
    sinatra (1.4.7)
      rack (~> 1.5)
      rack-protection ~> 1.5.5
      tilt (>= 1.3, < 3)
    tilt (2.0.5)

PLATFORMS
  ruby
  x64-mingw32

DEPENDENCIES
  haml (~> 4.0)
  json (~> 1.8.3)
  line-bot-api
  mysql2
  rails_12factor
  sinatra (~> 1.4)

RUBY VERSION
   ruby 2.4.3p0

BUNDLED WITH
   1.13.7
